PATH
  remote: .
  specs:
    dicksword (0.1.1)

GEM
  remote: https://rubygems.org/
  specs:
    diff-lcs (1.3)
    discordrb (3.3.0)
      discordrb-webhooks (~> 3.3.0)
      ffi (>= 1.9.24)
      opus-ruby
      rbnacl (~> 3.4.0)
      rest-client (>= 2.1.0.rc1)
      websocket-client-simple (>= 0.3.0)
    discordrb-webhooks (3.3.0)
      rest-client (>= 2.1.0.rc1)
    domain_name (0.5.20180417)
      unf (>= 0.0.5, < 1.0.0)
    dotenv (2.7.2)
    event_emitter (0.2.6)
    ffi (1.11.1)
    http-accept (1.7.0)
    http-cookie (1.0.3)
      domain_name (~> 0.5)
    mime-types (3.2.2)
      mime-types-data (~> 3.2015)
    mime-types-data (3.2019.0331)
    netrc (0.11.0)
    opus-ruby (1.0.1)
      ffi
    rake (10.5.0)
    rbnacl (3.4.0)
      ffi
    rest-client (2.1.0.rc1)
      http-accept (>= 1.7.0, < 2.0)
      http-cookie (>= 1.0.2, < 2.0)
      mime-types (>= 1.16, < 4.0)
      netrc (~> 0.8)
    rspec (3.8.0)
      rspec-core (~> 3.8.0)
      rspec-expectations (~> 3.8.0)
      rspec-mocks (~> 3.8.0)
    rspec-core (3.8.0)
      rspec-support (~> 3.8.0)
    rspec-expectations (3.8.3)
      diff-lcs (>= 1.2.0, < 2.0)
      rspec-support (~> 3.8.0)
    rspec-mocks (3.8.0)
      diff-lcs (>= 1.2.0, < 2.0)
      rspec-support (~> 3.8.0)
    rspec-support (3.8.0)
    unf (0.1.4)
      unf_ext
    unf_ext (0.0.7.6)
    websocket (1.2.8)
    websocket-client-simple (0.3.0)
      event_emitter
      websocket

PLATFORMS
  ruby

DEPENDENCIES
  bundler (~> 2.0)
  dicksword!
  discordrb
  dotenv
  rake (~> 10.0)
  rspec (~> 3.0)

BUNDLED WITH
   2.0.2
